STORAGE: NONE
NUGET
  remote: https://www.nuget.org/api/v2
    Fable.Core (2.0)
      FSharp.Core (>= 4.5.2) - restriction: >= netstandard2.0
    Fable.Import.Browser (1.3) - restriction: >= netstandard2.0
      Fable.Core (>= 1.3.17) - restriction: >= netstandard1.6
    Fable.React (4.1.1)
      Fable.Core (>= 2.0) - restriction: >= netstandard2.0
      Fable.Import.Browser (>= 1.3) - restriction: >= netstandard2.0
      FSharp.Core (>= 4.5.2) - restriction: >= netstandard2.0
    FSharp.Core (4.5.2) - restriction: >= netstandard2.0

GROUP Build
RESTRICTION: == net46
NUGET
  remote: https://www.nuget.org/api/v2
    FAKE (4.64.11)
    FSharp.Compiler.Service (2.0.0.6)
    FSharp.Core (4.3.4) - content: none, redirects: force
    FSharp.Formatting (2.14.4)
      FSharp.Compiler.Service (2.0.0.6)
      FSharpVSPowerTools.Core (>= 2.3 < 2.4)
    FSharpVSPowerTools.Core (2.3)
      FSharp.Compiler.Service (>= 2.0.0.3)
    Octokit (0.29)
GITHUB
  remote: fsharp/FAKE
    modules/Octokit/Octokit.fsx (c160d4907360cfd42904008dab2bd22c0a4a9952)
      Octokit (>= 0.20)